GEM
  remote: https://rubygems.org/
  specs:
    puma (3.9.1)

PLATFORMS
  ruby

DEPENDENCIES
  puma

RUBY VERSION
   ruby 2.4.1p111

BUNDLED WITH
   1.15.1
